GEM
  remote: http://rubygems.org/
  specs:
    rack (1.3.5)
    sass (3.1.11)
    sinatra (1.2.6)
      rack (~> 1.1)
      tilt (>= 1.2.2, < 2.0)
    tilt (1.3.3)

PLATFORMS
  ruby

DEPENDENCIES
  sass
  sinatra
