GEM
  remote: http://rubygems.org/
  specs:
    bson (1.9.0)
    bson_ext (1.9.0)
      bson (~> 1.9.0)
    mongo (1.9.0)
      bson (~> 1.9.0)
    rack (1.3.5)
    sinatra (1.2.6)
      rack (~> 1.1)
      tilt (>= 1.2.2, < 2.0)
    tilt (1.3.3)

PLATFORMS
  ruby

DEPENDENCIES
  bson_ext
  mongo
  sinatra
